GEM
  remote: https://rubygems.org/
  specs:
    base64 (0.2.0)
    httparty (0.14.0)
      multi_xml (>= 0.5.2)
    json (2.3.0)
    multi_json (1.15.0)
    multi_xml (0.6.0)
    mustermann (3.0.0)
      ruby2_keywords (~> 0.0.1)
    nio4r (2.5.2)
    puma (4.3.3)
      nio4r (~> 2.0)
    rack (3.0.8)
    rack-protection (4.0.0)
      base64 (>= 0.1.0)
      rack (>= 3.0.0, < 4)
    rack-session (2.0.0)
      rack (>= 3.0.0)
    rake (13.0.1)
    ruby2_keywords (0.0.5)
    sinatra (4.0.0)
      mustermann (~> 3.0)
      rack (>= 3.0.0, < 4)
      rack-protection (= 4.0.0)
      rack-session (>= 2.0.0, < 3)
      tilt (~> 2.0)
    sinatra-contrib (4.0.0)
      multi_json (>= 0.0.2)
      mustermann (~> 3.0)
      rack-protection (= 4.0.0)
      sinatra (= 4.0.0)
      tilt (~> 2.0)
    tilt (2.3.0)

PLATFORMS
  ruby
  x64-mingw32

DEPENDENCIES
  httparty (= 0.14.0)
  json (>= 2.3.0)
  puma (>= 3.12.4)
  rake (>= 12.3.3)
  sinatra (= 4.0.0)
  sinatra-contrib (= 4.0.0)

BUNDLED WITH
   1.17.3
