GEM
  remote: https://rubygems.org/
  specs:
    backports (3.6.8)
    httparty (0.13.7)
      json (~> 1.8)
      multi_xml (>= 0.5.2)
    json (1.8.3)
    multi_json (1.12.1)
    multi_xml (0.5.5)
    puma (3.4.0)
    rack (1.6.4)
    rack-protection (1.5.3)
      rack
    rack-test (0.6.3)
      rack (>= 1.0)
    rake (11.1.2)
    sinatra (1.4.6)
      rack (~> 1.4)
      rack-protection (~> 1.4)
      tilt (>= 1.3, < 3)
    sinatra-contrib (1.4.6)
      backports (>= 2.0)
      multi_json
      rack-protection
      rack-test
      sinatra (~> 1.4.0)
      tilt (>= 1.3, < 3)
    tilt (2.0.4)

PLATFORMS
  x64-mingw32

DEPENDENCIES
  httparty (= 0.13.7)
  json
  puma
  rake
  sinatra (= 1.4.6)
  sinatra-contrib (= 1.4.6)

BUNDLED WITH
   1.12.3
