GEM
  remote: https://rubygems.org/
  specs:
    backports (2.8.2)
    httparty (0.14.0)
      multi_xml (>= 0.5.2)
    json (2.3.0)
    multi_json (1.14.1)
    multi_xml (0.6.0)
    mustermann (1.1.1)
      ruby2_keywords (~> 0.0.1)
    nio4r (2.5.8)
    puma (5.6.2)
      nio4r (~> 2.0)
    rack (2.2.3)
    rack-protection (2.0.2)
      rack
    rake (13.0.1)
    ruby2_keywords (0.0.2)
    sinatra (2.0.2)
      mustermann (~> 1.0)
      rack (~> 2.0)
      rack-protection (= 2.0.2)
      tilt (~> 2.0)
    sinatra-contrib (2.0.2)
      backports (~> 2.8.2)
      multi_json
      mustermann (~> 1.0)
      rack-protection (= 2.0.2)
      sinatra (= 2.0.2)
      tilt (>= 1.3, < 3)
    tilt (2.0.10)

PLATFORMS
  ruby
  x64-mingw32

DEPENDENCIES
  httparty (= 0.14.0)
  json (>= 2.3.0)
  puma (>= 4.3.11)
  rake (>= 12.3.3)
  sinatra (= 2.0.2)
  sinatra-contrib (= 2.0.2)

BUNDLED WITH
   1.17.3
